GIT
  remote: https://github.com/tinogomes/httpi.git
  revision: ef0044156ba5e3a3ae1d3bb8765531038f4c913c
  specs:
    httpi (0.9.4)
      pyu-ntlm-http (>= 0.1.3.1)
      rack

GEM
  remote: http://rubygems.org/
  specs:
    diff-lcs (1.1.2)
    nokogiri (1.4.5)
    pyu-ntlm-http (0.1.3.1)
    rack (1.3.0)
    rspec (2.6.0)
      rspec-core (~> 2.6.0)
      rspec-expectations (~> 2.6.0)
      rspec-mocks (~> 2.6.0)
    rspec-core (2.6.4)
    rspec-expectations (2.6.0)
      diff-lcs (~> 1.1.2)
    rspec-mocks (2.6.0)
    shoulda-matchers (1.0.0.beta2)

PLATFORMS
  ruby

DEPENDENCIES
  httpi!
  nokogiri
  rspec
  shoulda-matchers
