GEM
  remote: http://rubygems.org/
  specs:
    handsoap (1.1.7)
    nokogiri (1.4.3.1)
    rspec (1.3.0)

PLATFORMS
  ruby

DEPENDENCIES
  handsoap
  nokogiri
  rspec
