PATH
  remote: .
  specs:
    rbraspag (0.0.11)
      cs-httpi (>= 0.9.5.2)
      json
      nokogiri

GEM
  remote: http://rubygems.org/
  specs:
    archive-tar-minitar (0.5.2)
    columnize (0.3.3)
    cs-httpi (0.9.5.2)
      rack
    diff-lcs (1.1.2)
    fakeweb (1.3.0)
    guard (0.4.2)
      thor (~> 0.14.6)
    guard-bundler (0.1.3)
      bundler (>= 1.0.0)
      guard (>= 0.2.2)
    guard-rspec (0.4.0)
      guard (>= 0.4.0)
    json (1.5.3)
    linecache19 (0.5.12)
      ruby_core_source (>= 0.1.4)
    nokogiri (1.5.0)
    rack (1.3.0)
    rspec (2.6.0)
      rspec-core (~> 2.6.0)
      rspec-expectations (~> 2.6.0)
      rspec-mocks (~> 2.6.0)
    rspec-core (2.6.4)
    rspec-expectations (2.6.0)
      diff-lcs (~> 1.1.2)
    rspec-mocks (2.6.0)
    ruby-debug-base19 (0.11.25)
      columnize (>= 0.3.1)
      linecache19 (>= 0.5.11)
      ruby_core_source (>= 0.1.4)
    ruby-debug19 (0.11.6)
      columnize (>= 0.3.1)
      linecache19 (>= 0.5.11)
      ruby-debug-base19 (>= 0.11.19)
    ruby_core_source (0.1.5)
      archive-tar-minitar (>= 0.5.2)
    shoulda-matchers (1.0.0.beta2)
    thor (0.14.6)

PLATFORMS
  ruby

DEPENDENCIES
  fakeweb
  guard-bundler
  guard-rspec
  rbraspag!
  rspec
  ruby-debug19
  shoulda-matchers
